PATH
  remote: .
  specs:
    text_summarizer (0.1.0)

GEM
  remote: https://rubygems.org/
  specs:
    rake (13.2.1)

PLATFORMS
  ruby
  x86_64-linux

DEPENDENCIES
  rake (~> 13.0)
  text_summarizer!

BUNDLED WITH
   2.6.2
